GEM
  remote: https://rubygems.org/
  specs:
    awesome_print (1.9.2)
    daru (0.3)
      packable (~> 1.3.13)
    diff-lcs (1.5.0)
    packable (1.3.18)
    polars-df (0.7.0-x86_64-linux)
    rspec (3.12.0)
      rspec-core (~> 3.12.0)
      rspec-expectations (~> 3.12.0)
      rspec-mocks (~> 3.12.0)
    rspec-core (3.12.2)
      rspec-support (~> 3.12.0)
    rspec-expectations (3.12.3)
      diff-lcs (>= 1.2.0, < 2.0)
      rspec-support (~> 3.12.0)
    rspec-mocks (3.12.6)
      diff-lcs (>= 1.2.0, < 2.0)
      rspec-support (~> 3.12.0)
    rspec-support (3.12.1)

PLATFORMS
  x86_64-linux

DEPENDENCIES
  awesome_print
  daru
  polars-df
  rspec

BUNDLED WITH
   2.4.10
